PATH
  remote: .
  specs:
    thermal (0.0.1)
      escpos
      escpos-image
      unf

GEM
  remote: https://rubygems.org/
  specs:
    chunky_png (1.4.0)
    diff-lcs (1.5.0)
    docile (1.4.0)
    escpos (0.0.10)
    escpos-image (0.0.11)
      escpos (>= 0.0.10)
    iconv (1.0.8)
    mini_magick (4.11.0)
    rqrcode (2.1.2)
      chunky_png (~> 1.0)
      rqrcode_core (~> 1.0)
    rqrcode_core (1.2.0)
    rspec (3.11.0)
      rspec-core (~> 3.11.0)
      rspec-expectations (~> 3.11.0)
      rspec-mocks (~> 3.11.0)
    rspec-core (3.11.0)
      rspec-support (~> 3.11.0)
    rspec-expectations (3.11.0)
      diff-lcs (>= 1.2.0, < 2.0)
      rspec-support (~> 3.11.0)
    rspec-mocks (3.11.1)
      diff-lcs (>= 1.2.0, < 2.0)
      rspec-support (~> 3.11.0)
    rspec-support (3.11.0)
    simplecov (0.21.2)
      docile (~> 1.1)
      simplecov-html (~> 0.11)
      simplecov_json_formatter (~> 0.1)
    simplecov-html (0.12.3)
    simplecov_json_formatter (0.1.4)
    unf (0.1.4)
      unf_ext
    unf_ext (0.0.8.2-x64-mingw-ucrt)

PLATFORMS
  x64-mingw-ucrt

DEPENDENCIES
  iconv
  mini_magick
  rqrcode
  rspec
  simplecov
  thermal!

BUNDLED WITH
   2.3.16
